{
  "AcquisitionMatrixPE": 64,
  "AcquisitionNumber": 1,
  "AcquisitionTime": "10:04:28.260000",
  "BandwidthPerPixelPhaseEncode": 24.038,
  "BaseResolution": 64,
  "BodyPartExamined": "HEAD",
  "ConsistencyInfo": "N4_VD13A_LATEST_20120616",
  "ConversionSoftware": "dcm2niix",
  "ConversionSoftwareVersion": "v1.0.20181125  GCC6.3.0",
  "DerivedVendorReportedEchoSpacing": 0.000650012,
  "DeviceSerialNumber": "45250",
  "DwellTime": 4.6e-06,
  "EchoTime": 0.033,
  "EchoTrainLength": 64,
  "EffectiveEchoSpacing": 0.000650012,
  "FlipAngle": 90,
  "ImageOrientationPatientDICOM": [0.998342, -0.0146836, -0.0556618, 0.00696987, 0.99064, -0.136321],
  "ImageType": [
    "ORIGINAL",
    "PRIMARY",
    "M",
    "ND",
    "NORM",
    "MOSAIC"
],
  "ImagingFrequency": 123.214,
  "InPlanePhaseEncodingDirectionDICOM": "COL",
  "InstitutionAddress": "Kopernikusstr._26_Graz_Graz_AT_8010",
  "InstitutionName": "KFU",
  "InstitutionalDepartmentName": "Department",
  "MRAcquisitionType": "2D",
  "MagneticFieldStrength": 3,
  "Manufacturer": "Siemens",
  "ManufacturersModelName": "Skyra",
  "Modality": "MR",
  "PartialFourier": 1,
  "PatientPosition": "HFS",
  "PercentPhaseFOV": 100,
  "PhaseEncodingDirection": "j-",
  "PhaseEncodingSteps": 64,
  "PhaseResolution": 1,
  "PixelBandwidth": 1700,
  "ProcedureStepDescription": "KFU_Entw-Psy",
  "ProtocolName": "fMRI_2",
  "PulseSequenceDetails": "%SiemensSeq%_ep2d_pace",
  "ReceiveCoilActiveElements": "HE1-4",
  "ReceiveCoilName": "HeadNeck_20",
  "ReconMatrixPE": 64,
  "RepetitionTime": 2.34,
  "SAR": 0.19523,
  "ScanOptions": "FS",
  "ScanningSequence": "EP",
  "SequenceName": "_epfid2d1_64",
  "SequenceVariant": "SK",
  "SeriesDescription": "fMRI_2",
  "SeriesNumber": 5,
  "ShimSetting": [-1610, -3634, -4388, 512, 441, 301, -254, -443],
  "SliceThickness": 3,
  "SliceTiming": [2.25, 2.1825, 2.115, 2.045, 1.9775, 1.91, 1.84, 1.7725, 1.705, 1.6375, 1.5675, 1.5, 1.4325, 1.3625, 1.295, 1.2275, 1.16, 1.09, 1.0225, 0.955, 0.885, 0.8175, 0.75, 0.68, 0.6125, 0.545, 0.4775, 0.4075, 0.34, 0.2725, 0.2025, 0.135, 0.0675, 0],
  "SoftwareVersions": "syngo_MR_D13",
  "SpacingBetweenSlices": 3.3,
  "StationName": "FBMTMR1",
  "TaskName": "read",
  "TotalReadoutTime": 0.0409508,
  "TxRefAmp": 324.623,
  "dcmmeta_affine": [
    [-2.995025157928467, 0.020909609273076057, -0.18857020139694214, 89.3839111328125],
    [0.04405081272125244, 2.9719207286834717, -0.44783222675323486, -112.88482666015625],
    [-0.16698536276817322, 0.4089622497558594, 3.2640292644500732, -29.676834106445312],
    [0.0, 0.0, 0.0, 1.0]
],
  "dcmmeta_reorient_transform": [
    [0.0, -1.0, 0.0, 63.0],
    [1.0, 0.0, 0.0, 0.0],
    [0.0, 0.0, 1.0, 0.0],
    [0.0, 0.0, 0.0, 1.0]
],
  "dcmmeta_shape": [64, 64, 34, 129],
  "dcmmeta_slice_dim": 2,
  "dcmmeta_version": 0.6,
  "global": {
    "const": {
      "AcquisitionMatrix": [64, 0, 0, 64],
      "AngioFlag": "N",
      "BitsAllocated": 16,
      "BitsStored": 12,
      "BodyPartExamined": "HEAD",
      "Columns": 384,
      "EchoNumbers": 1,
      "EchoTime": 33.0,
      "EchoTrainLength": 64,
      "FlipAngle": 90.0,
      "HighBit": 11,
      "ImageOrientationPatient": [0.99834170357641, -0.014683603656, -0.0556617883635, 0.00696986995876, 0.99064023444987, -0.1363207497113],
      "ImagePositionPatient": [-573.25077008627, -542.805363896, 88.239405004824],
      "ImageType": [
        "ORIGINAL",
        "PRIMARY",
        "M",
        "ND",
        "NORM",
        "MOSAIC"
],
      "ImagedNucleus": "1H",
      "ImagingFrequency": 123.214411,
      "InPlanePhaseEncodingDirection": "COL",
      "MRAcquisitionType": "2D",
      "MagneticFieldStrength": 3.0,
      "Manufacturer": "SIEMENS",
      "ManufacturerModelName": "Skyra",
      "Modality": "MR",
      "NumberOfAverages": 1.0,
      "NumberOfPhaseEncodingSteps": 64,
      "PercentPhaseFieldOfView": 100.0,
      "PercentSampling": 100.0,
      "PerformedProcedureStepStartTime": "093125.123000",
      "PhotometricInterpretation": "MONOCHROME2",
      "PixelBandwidth": 1700.0,
      "PixelRepresentation": 0,
      "PixelSpacing": [3.0, 3.0],
      "ProtocolName": "fMRI_2",
      "RepetitionTime": 2340.0,
      "Rows": 384,
      "SAR": 0.19523014571314,
      "SamplesPerPixel": 1,
      "ScanOptions": "FS",
      "ScanningSequence": "EP",
      "SequenceName": "*epfid2d1_64",
      "SequenceVariant": "SK",
      "SeriesDescription": "fMRI_2",
      "SeriesNumber": 5,
      "SeriesTime": "100526.538000",
      "SliceLocation": -19.14173978304,
      "SliceThickness": 3.0,
      "SmallestImagePixelValue": 0,
      "SoftwareVersions": "syngo MR D13",
      "SpacingBetweenSlices": 3.299999954447,
      "SpecificCharacterSet": "ISO_IR 100",
      "StudyID": "1",
      "StudyTime": "093125.068000",
      "TransmitCoilName": "Body",
      "VariableFlipAngleFlag": "N",
      "WindowCenterWidthExplanation": "Algo1",
      "dBdt": 0.0},
