{
  "AcquisitionMatrixPE": 224,
  "AcquisitionNumber": 1,
  "AcquisitionTime": "09:25:21.185000",
  "BaseResolution": 224,
  "BodyPartExamined": "HEAD",
  "CoilString": "HE1-4;NE1_2",
  "ConsistencyInfo": "N4_VD13A_LATEST_20120616",
  "ConversionSoftware": "dcm2niix",
  "ConversionSoftwareVersion": "v1.0.20181125  GCC6.3.0",
  "DeviceSerialNumber": "45250",
  "DwellTime": 8.2e-06,
  "EchoTime": 0.00179,
  "FlipAngle": 8,
  "ImageOrientationPatientDICOM": [0.0418701, 0.985686, 0.16331, -0.00720819, 0.163747, -0.986476],
  "ImageType": [
    "ORIGINAL",
    "PRIMARY",
    "M",
    "NORM",
    "DIS3D",
    "DIS2D"
],
  "ImagingFrequency": 123.214,
  "InPlanePhaseEncodingDirectionDICOM": "ROW",
  "InstitutionAddress": "Kopernikusstr._26_Graz_Graz_AT_8010",
  "InstitutionName": "KFU",
  "InstitutionalDepartmentName": "Department",
  "InversionTime": 1,
  "MRAcquisitionType": "3D",
  "MagneticFieldStrength": 3,
  "Manufacturer": "Siemens",
  "ManufacturersModelName": "Skyra",
  "Modality": "MR",
  "PartialFourier": 1,
  "PatientPosition": "HFS",
  "PercentPhaseFOV": 100,
  "PhaseEncodingSteps": 258,
  "PhaseOversampling": 0.15,
  "PhaseResolution": 1,
  "PixelBandwidth": 270,
  "ProcedureStepDescription": "KFU_Entw-Psy",
  "ProtocolName": "t1_mprage_1mm_Pat2",
  "PulseSequenceDetails": "%SiemensSeq%_tfl",
  "ReceiveCoilActiveElements": "HE1-4;NE1,2",
  "ReceiveCoilName": "HeadNeck_20",
  "ReconMatrixPE": 224,
  "RepetitionTime": 1.6,
  "SAR": 0.121925,
  "ScanOptions": "IR_WE",
  "ScanningSequence": "GR_IR",
  "SequenceName": "_tfl3d1_16ns",
  "SequenceVariant": "SK_SP_MP_OSP",
  "SeriesDescription": "t1_mprage_1mm_Pat2",
  "SeriesNumber": 2,
  "ShimSetting": [-1555, -3770, -4541, 85, 458, -504, 441, -260],
  "SliceThickness": 1,
  "SoftwareVersions": "syngo_MR_D13",
  "StationName": "FBMTMR1",
  "TxRefAmp": 360.485,
  "dcmmeta_affine": [
    [0.9990970492362976, 0.041870106011629105, -0.007208190392702818, -92.79055786132812],
    [-0.04012668505311012, 0.9856859445571899, 0.1637471467256546, -134.7270050048828],
    [0.013961122371256351, -0.16331005096435547, 0.9864760041236877, -85.07833862304688],
    [0.0, 0.0, 0.0, 1.0]
],
  "dcmmeta_reorient_transform": [
    [0.0, 0.0, -1.0, 223.0],
    [0.0, -1.0, 0.0, 223.0],
    [-1.0, 0.0, 0.0, 175.0],
    [0.0, 0.0, 0.0, 1.0]
],
  "dcmmeta_shape": [176, 224, 224],
  "dcmmeta_slice_dim": 0,
  "dcmmeta_version": 0.6,
  "global": {
    "const": {
      "AcquisitionMatrix": [0, 224, 224, 0],
      "AcquisitionNumber": 1,
      "AcquisitionTime": "092521.185000",
      "AngioFlag": "N",
      "BitsAllocated": 16,
      "BitsStored": 12,
      "BodyPartExamined": "HEAD",
      "Columns": 224,
      "EchoNumbers": 1,
      "EchoTime": 1.79,
      "EchoTrainLength": 1,
      "FlipAngle": 8.0,
      "HighBit": 11,
      "ImageOrientationPatient": [0.04187010770464, 0.98568591482126, 0.16331004685502, -0.0072081902198, 0.16374714142717, -0.9864760086633],
      "ImageType": [
        "ORIGINAL",
        "PRIMARY",
        "M",
        "NORM",
        "DIS3D",
        "DIS2D"
],
      "ImagedNucleus": "1H",
      "ImagingFrequency": 123.21409,
      "InPlanePhaseEncodingDirection": "ROW",
      "InversionTime": 1000.0,
      "MRAcquisitionType": "3D",
      "MagneticFieldStrength": 3.0,
      "Manufacturer": "SIEMENS",
      "ManufacturerModelName": "Skyra",
      "Modality": "MR",
      "NumberOfAverages": 1.0,
      "NumberOfPhaseEncodingSteps": 258,
      "PercentPhaseFieldOfView": 100.0,
      "PercentSampling": 100.0,
      "PerformedProcedureStepStartTime": "091808.303000",
      "PhotometricInterpretation": "MONOCHROME2",
      "PixelBandwidth": 270.0,
      "PixelRepresentation": 0,
      "PixelSpacing": [1.0, 1.0],
      "ProtocolName": "t1_mprage_1mm_Pat2",
      "RepetitionTime": 1600.0,
      "Rows": 224,
      "SAR": 0.12192508120435,
      "SamplesPerPixel": 1,
      "ScanOptions": [
        "IR",
        "WE"
],
      "ScanningSequence": [
        "GR",
        "IR"
],
      "SequenceName": "*tfl3d1_16ns",
      "SequenceVariant": [
        "SK",
        "SP",
        "MP",
        "OSP"
],
      "SeriesDescription": "t1_mprage_1mm_Pat2",
      "SeriesNumber": 2,
      "SeriesTime": "092913.093000",
      "SliceThickness": 1.0,
      "SmallestImagePixelValue": 0,
      "SoftwareVersions": "syngo MR D13",
      "SpecificCharacterSet": "ISO_IR 100",
      "StudyID": "1",
      "StudyTime": "091808.257000",
      "TransmitCoilName": "Body",
      "VariableFlipAngleFlag": "N",
      "WindowCenterWidthExplanation": "Algo1",
      "dBdt": 0.0},
