{
  "AcquisitionMatrixPE": 64,
  "AcquisitionNumber": 1,
  "AcquisitionTime": "09:01:54.110000",
  "BandwidthPerPixelPhaseEncode": 24.038,
  "BaseResolution": 64,
  "BodyPartExamined": "HEAD",
  "ConsistencyInfo": "N4_VD13A_LATEST_20120616",
  "ConversionSoftware": "dcm2niix",
  "ConversionSoftwareVersion": "v1.0.20181125  GCC6.3.0",
  "DerivedVendorReportedEchoSpacing": 0.000650012,
  "DeviceSerialNumber": "45250",
  "DwellTime": 4.6e-06,
  "EchoTime": 0.033,
  "EchoTrainLength": 64,
  "EffectiveEchoSpacing": 0.000650012,
  "FlipAngle": 90,
  "ImageOrientationPatientDICOM": [0.999919, -0.00659013, -0.010861, 0.00349034, 0.96454, -0.263914],
  "ImageType": [
    "ORIGINAL",
    "PRIMARY",
    "M",
    "ND",
    "NORM",
    "MOSAIC"
],
  "ImagingFrequency": 123.22,
  "InPlanePhaseEncodingDirectionDICOM": "COL",
  "InstitutionAddress": "Kopernikusstr._26_Graz_Graz_AT_8010",
  "InstitutionName": "KFU",
  "InstitutionalDepartmentName": "Department",
  "MRAcquisitionType": "2D",
  "MagneticFieldStrength": 3,
  "Manufacturer": "Siemens",
  "ManufacturersModelName": "Skyra",
  "Modality": "MR",
  "PartialFourier": 1,
  "PatientPosition": "HFS",
  "PercentPhaseFOV": 100,
  "PhaseEncodingDirection": "j-",
  "PhaseEncodingSteps": 64,
  "PhaseResolution": 1,
  "PixelBandwidth": 1700,
  "ProcedureStepDescription": "KFU_Entw-Psy",
  "ProtocolName": "fMRI_2",
  "PulseSequenceDetails": "%SiemensSeq%_ep2d_pace",
  "ReceiveCoilActiveElements": "HE1-4",
  "ReceiveCoilName": "HeadNeck_20",
  "ReconMatrixPE": 64,
  "RepetitionTime": 2.34,
  "SAR": 0.163921,
  "ScanOptions": "FS",
  "ScanningSequence": "EP",
  "SequenceName": "_epfid2d1_64",
  "SequenceVariant": "SK",
  "SeriesDescription": "fMRI_2",
  "SeriesNumber": 5,
  "ShimSetting": [-1581, -3668, -4287, 332, 831, 280, 250, -279],
  "SliceThickness": 3,
  "SliceTiming": [2.2525, 2.185, 2.115, 2.0475, 1.98, 1.91, 1.8425, 1.775, 1.705, 1.6375, 1.57, 1.5025, 1.4325, 1.365, 1.2975, 1.2275, 1.16, 1.0925, 1.025, 0.955, 0.8875, 0.82, 0.75, 0.6825, 0.615, 0.5475, 0.4775, 0.41, 0.3425, 0.2725, 0.205, 0.1375, 0.0675, 0],
  "SoftwareVersions": "syngo_MR_D13",
  "SpacingBetweenSlices": 3.3,
  "StationName": "FBMTMR1",
  "TaskName": "read",
  "TotalReadoutTime": 0.0409508,
  "TxRefAmp": 327.431,
  "dcmmeta_affine": [
    [-2.999758005142212, 0.010471031069755554, -0.040309928357601166, 96.52511596679688],
    [0.01977037824690342, 2.8936197757720947, -0.8707202672958374, -105.54171752929688],
    [-0.03258311003446579, 0.7917414903640747, 3.1828010082244873, -31.935161590576172],
    [0.0, 0.0, 0.0, 1.0]
],
  "dcmmeta_reorient_transform": [
    [0.0, -1.0, 0.0, 63.0],
    [1.0, 0.0, 0.0, 0.0],
    [0.0, 0.0, 1.0, 0.0],
    [0.0, 0.0, 0.0, 1.0]
],
  "dcmmeta_shape": [64, 64, 34, 130],
  "dcmmeta_slice_dim": 2,
  "dcmmeta_version": 0.6,
  "global": {
    "const": {
      "AcquisitionMatrix": [64, 0, 0, 64],
      "AngioFlag": "N",
      "BitsAllocated": 16,
      "BitsStored": 12,
      "BodyPartExamined": "HEAD",
      "Columns": 384,
      "EchoNumbers": 1,
      "EchoTime": 33.0,
      "EchoTrainLength": 64,
      "FlipAngle": 90.0,
      "HighBit": 11,
      "ImageOrientationPatient": [0.99991930080021, -0.0065901259268, -0.0108610371274, 0.00349034358683, 0.9645399487592, -0.2639138206863],
      "ImagePositionPatient": [-578.82142365277, -536.57224694588, 149.8364830711],
      "ImageType": [
        "ORIGINAL",
        "PRIMARY",
        "M",
        "ND",
        "NORM",
        "MOSAIC"
],
      "ImagedNucleus": "1H",
      "ImagingFrequency": 123.219998,
      "InPlanePhaseEncodingDirection": "COL",
      "MRAcquisitionType": "2D",
      "MagneticFieldStrength": 3.0,
      "Manufacturer": "SIEMENS",
      "ManufacturerModelName": "Skyra",
      "Modality": "MR",
      "NumberOfAverages": 1.0,
      "NumberOfPhaseEncodingSteps": 64,
      "PercentPhaseFieldOfView": 100.0,
      "PercentSampling": 100.0,
      "PerformedProcedureStepStartTime": "084943.977000",
      "PhotometricInterpretation": "MONOCHROME2",
      "PixelBandwidth": 1700.0,
      "PixelRepresentation": 0,
      "PixelSpacing": [3.0, 3.0],
      "ProtocolName": "fMRI_2",
      "RepetitionTime": 2340.0,
      "Rows": 384,
      "SAR": 0.16392087945526,
      "SamplesPerPixel": 1,
      "ScanOptions": "FS",
      "ScanningSequence": "EP",
      "SequenceName": "*epfid2d1_64",
      "SequenceVariant": "SK",
      "SeriesDescription": "fMRI_2",
      "SeriesNumber": 5,
      "SeriesTime": "090257.656000",
      "SliceLocation": -4.13238461302,
      "SliceThickness": 3.0,
      "SmallestImagePixelValue": 0,
      "SoftwareVersions": "syngo MR D13",
      "SpacingBetweenSlices": 3.3000000419006,
      "SpecificCharacterSet": "ISO_IR 100",
      "StudyID": "1",
      "StudyTime": "084943.927000",
      "TransmitCoilName": "Body",
      "VariableFlipAngleFlag": "N",
      "WindowCenterWidthExplanation": "Algo1",
      "dBdt": 0.0},
